GEM
  remote: http://rubygems.org/
  specs:
    builder (3.1.4)
    jenkins-plugin-runtime (0.2.3)
      json
      slop (~> 3.0.2)
    jenkins-war (1.475)
    jpi (0.3.8)
      bundler
      jenkins-plugin-runtime (~> 0.2.3)
      jenkins-war (> 1.427)
      rubyzip
      thor
    json (1.7.6)
    json (1.7.6-java)
    mime-types (1.19)
    rubyzip (0.9.9)
    slop (3.0.4)
    thor (0.16.0)

PLATFORMS
  java
  ruby

DEPENDENCIES
  builder
  jenkins-plugin-runtime (~> 0.2.3)
  jpi
  mime-types
